GEM
  remote: https://rubygems.org/
  specs:
    graphql_java_gen (0.1.1)
      graphql_schema (~> 0.1.1)
    graphql_schema (0.1.6)

PLATFORMS
  ruby

DEPENDENCIES
  graphql_java_gen (= 0.1.1)

BUNDLED WITH
   2.0.1
